GEM
  remote: http://rubygems.org/
  specs:
    ZenTest (4.3.3)
    actionmailer (2.3.8)
      actionpack (= 2.3.8)
    actionpack (2.3.8)
      activesupport (= 2.3.8)
      rack (~> 1.1.0)
    activerecord (2.3.8)
      activesupport (= 2.3.8)
    activeresource (2.3.8)
      activesupport (= 2.3.8)
    activesupport (2.3.8)
    autotest-rails (4.1.0)
      ZenTest
    builder (2.1.2)
    capistrano (2.5.19)
      highline
      net-scp (>= 1.0.0)
      net-sftp (>= 2.0.0)
      net-ssh (>= 2.0.14)
      net-ssh-gateway (>= 1.0.0)
    curb (0.7.8)
    daemons (1.1.0)
    diff-lcs (1.1.2)
    disqus (1.0.4)
      json
    eventmachine (0.12.10)
    faker (0.3.1)
    feedzirra (0.0.24)
      activesupport (>= 2.3.8)
      builder (>= 2.1.2)
      curb (>= 0.2.3)
      loofah (>= 0.3.1)
      nokogiri (> 0.0.0)
      sax-machine (>= 0.0.12)
    gravtastic (2.2.0)
    haml (3.0.17)
    highline (1.6.1)
    hoptoad_notifier (2.3.5)
      activesupport
    json (1.4.6)
    loofah (0.4.7)
      nokogiri (>= 1.3.3)
    machinist (1.0.6)
    mysql (2.8.1)
    net-scp (1.0.3)
      net-ssh (>= 1.99.1)
    net-sftp (2.0.5)
      net-ssh (>= 2.0.9)
    net-ssh (2.0.23)
    net-ssh-gateway (1.0.1)
      net-ssh (>= 1.99.1)
    nokogiri (1.4.3.1)
    pit (0.0.6)
    rack (1.1.0)
    rack-openid (1.1.1)
      rack (>= 0.4)
      ruby-openid (>= 2.0.3)
    rails (2.3.8)
      actionmailer (= 2.3.8)
      actionpack (= 2.3.8)
      activerecord (= 2.3.8)
      activeresource (= 2.3.8)
      activesupport (= 2.3.8)
      rake (>= 0.8.3)
    rake (0.8.7)
    rr (1.0.0)
    rspec (1.3.0)
    rspec-rails (1.3.2)
      rack (>= 1.0.0)
      rspec (>= 1.3.0)
    ruby-openid (2.1.8)
    sax-machine (0.0.15)
      nokogiri (> 0.0.0)
    spork (0.8.4)
    thin (1.2.7)
      daemons (>= 1.0.9)
      eventmachine (>= 0.12.6)
      rack (>= 1.0.0)
    will_paginate (2.3.14)

PLATFORMS
  ruby

DEPENDENCIES
  autotest-rails
  capistrano
  diff-lcs
  disqus
  faker
  feedzirra
  gravtastic
  haml
  hoptoad_notifier
  machinist
  mysql
  nokogiri
  pit
  rack-openid
  rails (= 2.3.8)
  rr
  rspec-rails
  spork
  thin
  will_paginate
