GEM
  remote: http://rubygems.org/
  specs:
    ZenTest (4.4.2)
    actionmailer (2.3.10)
      actionpack (= 2.3.10)
    actionpack (2.3.10)
      activesupport (= 2.3.10)
      rack (~> 1.1.0)
    activerecord (2.3.10)
      activesupport (= 2.3.10)
    activeresource (2.3.10)
      activesupport (= 2.3.10)
    activesupport (2.3.10)
    autotest-rails (4.1.0)
      ZenTest
    builder (3.0.0)
    configuration (1.2.0)
    curb (0.7.9)
    diff-lcs (1.1.2)
    disqus (1.0.4)
      json
    dnssd (1.3.4)
    faker (0.9.4)
      i18n (~> 0.4)
    feedzirra (0.0.24)
      activesupport (>= 2.3.8)
      builder (>= 2.1.2)
      curb (>= 0.2.3)
      loofah (>= 0.3.1)
      nokogiri (> 0.0.0)
      sax-machine (>= 0.0.12)
    gravtastic (3.1.0)
    haml (3.0.25)
    hassle (0.0.1)
      haml
      rack
    heroku (1.17.2)
      json (~> 1.4.6)
      launchy (~> 0.3.2)
      rest-client (>= 1.4.0, < 1.7.0)
    i18n (0.5.0)
    json (1.4.6)
    launchy (0.3.7)
      configuration (>= 0.0.5)
      rake (>= 0.8.1)
    loofah (1.0.0)
      nokogiri (>= 1.3.3)
    machinist (1.0.6)
    mime-types (1.16)
    mysql (2.8.1)
    nokogiri (1.4.4)
    rack (1.1.0)
    rack-openid (1.2.0)
      rack (>= 1.1.0)
      ruby-openid (>= 2.1.8)
    rails (2.3.10)
      actionmailer (= 2.3.10)
      actionpack (= 2.3.10)
      activerecord (= 2.3.10)
      activeresource (= 2.3.10)
      activesupport (= 2.3.10)
      rake (>= 0.8.3)
    rails_warden (0.5.2)
      warden
    rake (0.8.7)
    rest-client (1.6.1)
      mime-types (>= 1.16)
    rr (1.0.2)
    rspec (1.3.1)
    rspec-rails (1.3.3)
      rack (>= 1.0.0)
      rspec (= 1.3.1)
    ruby-openid (2.1.8)
    sax-machine (0.0.15)
      nokogiri (> 0.0.0)
    sequel (3.17.0)
    sinatra (1.0)
      rack (>= 1.0)
    specjour (0.3.1)
      dnssd (= 1.3.4)
      thor (>= 0.14.0)
    spork (0.8.4)
    sqlite3-ruby (1.3.2)
    tapp (1.0.0)
    taps (0.3.15)
      json (~> 1.4.6)
      rack (>= 1.0.1)
      rest-client (>= 1.4.0, < 1.7.0)
      sequel (~> 3.17.0)
      sinatra (~> 1.0.0)
      sqlite3-ruby (~> 1.2)
    thor (0.14.6)
    warden (1.0.3)
      rack (>= 1.0.0)
    warden-openid (0.1.0)
      rack-openid
      warden
    will_paginate (2.3.15)

PLATFORMS
  ruby

DEPENDENCIES
  autotest-rails
  diff-lcs
  disqus
  faker
  feedzirra
  gravtastic
  haml
  hassle
  heroku
  machinist
  mysql
  nokogiri
  rails (= 2.3.10)
  rails_warden
  rr
  rspec-rails (~> 1.3)
  specjour
  spork
  tapp
  taps
  warden-openid
  will_paginate
