GIT
  remote: git://github.com/sferik/rails_admin.git
  revision: 2b280bc600c9b59246c2df2d7b59c334f0a89a96
  specs:
    rails_admin (0.0.1)
      bootstrap-sass
      builder (~> 3.0.0)
      coffee-rails
      haml (>= 3.1.0, < 3.3.0)
      jquery-rails
      rails (~> 3.1.1)

GEM
  remote: http://rubygems.org/
  specs:
    XMLCanonicalizer (1.0.1)
      log4r (>= 1.0.4)
    actionmailer (3.1.1)
      actionpack (= 3.1.1)
      mail (~> 2.3.0)
    actionpack (3.1.1)
      activemodel (= 3.1.1)
      activesupport (= 3.1.1)
      builder (~> 3.0.0)
      erubis (~> 2.7.0)
      i18n (~> 0.6)
      rack (~> 1.3.2)
      rack-cache (~> 1.1)
      rack-mount (~> 0.8.2)
      rack-test (~> 0.6.1)
      sprockets (~> 2.0.2)
    activemodel (3.1.1)
      activesupport (= 3.1.1)
      builder (~> 3.0.0)
      i18n (~> 0.6)
    activerecord (3.1.1)
      activemodel (= 3.1.1)
      activesupport (= 3.1.1)
      arel (~> 2.2.1)
      tzinfo (~> 0.3.29)
    activeresource (3.1.1)
      activemodel (= 3.1.1)
      activesupport (= 3.1.1)
    activesupport (3.1.1)
      multi_json (~> 1.0)
    addressable (2.2.6)
    arel (2.2.1)
    bootstrap-sass (1.3.0)
      sass-rails (~> 3.1.0)
    builder (3.0.0)
    capybara (1.1.1)
      mime-types (>= 1.16)
      nokogiri (>= 1.3.3)
      rack (>= 1.0.0)
      rack-test (>= 0.5.4)
      selenium-webdriver (~> 2.0)
      xpath (~> 0.1.4)
    childprocess (0.2.2)
      ffi (~> 1.0.6)
    coffee-rails (3.1.1)
      coffee-script (>= 2.2.0)
      railties (~> 3.1.0)
    coffee-script (2.2.0)
      coffee-script-source
      execjs
    coffee-script-source (1.1.2)
    curb (0.7.15)
    diff-lcs (1.1.3)
    disqus (1.0.4)
      json
    dynamic_form (1.1.4)
    erubis (2.7.0)
    exception_notification (2.5.2)
      actionmailer (>= 3.0.4)
    execjs (1.2.9)
      multi_json (~> 1.0)
    fabrication (1.2.0)
    faraday (0.7.5)
      addressable (~> 2.2.6)
      multipart-post (~> 1.1.3)
      rack (>= 1.1.0, < 2)
    feedzirra (0.0.24)
      activesupport (>= 2.3.8)
      builder (>= 2.1.2)
      curb (>= 0.2.3)
      loofah (>= 0.3.1)
      nokogiri (> 0.0.0)
      sax-machine (>= 0.0.12)
    ffi (1.0.9)
    foreman (0.24.0)
      term-ansicolor (~> 1.0.5)
      thor (>= 0.13.6)
    forgery (0.3.10)
      nokogiri (~> 1.4)
    fuubar (0.0.6)
      rspec (~> 2.0)
      rspec-instafail (~> 0.1.8)
      ruby-progressbar (~> 0.0.10)
    gravtastic (3.2.6)
    haml (3.1.3)
    haml-rails (0.3.4)
      actionpack (~> 3.0)
      activesupport (~> 3.0)
      haml (~> 3.0)
      railties (~> 3.0)
    heroku (2.8.6)
      launchy (>= 0.3.2)
      rest-client (~> 1.6.1)
      rubyzip
      term-ansicolor (~> 1.0.5)
    heroku_san (1.2.3)
      heroku (>= 2)
      rails (>= 2)
    hike (1.2.1)
    hikidoc (0.0.4)
    i18n (0.6.0)
    jquery-rails (1.0.14)
      railties (~> 3.0)
      thor (~> 0.14)
    json (1.6.1)
    json_pure (1.6.1)
    kaminari (0.12.4)
      rails (>= 3.0.0)
    kgio (2.6.0)
    launchy (2.0.5)
      addressable (~> 2.2.6)
    log4r (1.1.9)
    loofah (1.2.0)
      nokogiri (>= 1.4.4)
    macaddr (1.4.0)
      systemu (~> 2.2.0)
    mail (2.3.0)
      i18n (>= 0.4.0)
      mime-types (~> 1.16)
      treetop (~> 1.4.8)
    mime-types (1.16)
    multi_json (1.0.3)
    multi_xml (0.4.1)
    multipart-post (1.1.3)
    mustang (0.2.2)
    net-ldap (0.2.2)
    nokogiri (1.5.0)
    oa-basic (0.3.0)
      oa-core (= 0.3.0)
      rest-client (~> 1.6.0)
    oa-core (0.3.0)
    oa-enterprise (0.3.0)
      XMLCanonicalizer (~> 1.0.1)
      addressable (~> 2.2.6)
      net-ldap (~> 0.2.2)
      nokogiri (~> 1.5.0)
      oa-core (= 0.3.0)
      pyu-ruby-sasl (~> 0.0.3.1)
      rubyntlm (~> 0.1.1)
      uuid
    oa-more (0.3.0)
      multi_json (~> 1.0.0)
      oa-core (= 0.3.0)
      rest-client (~> 1.6.0)
    oa-oauth (0.3.0)
      faraday (~> 0.7.3)
      multi_json (~> 1.0.0)
      multi_xml (~> 0.4.0)
      oa-core (= 0.3.0)
      oauth (~> 0.4.0)
      oauth2 (~> 0.5.0)
    oa-openid (0.3.0)
      oa-core (= 0.3.0)
      rack-openid (~> 1.3.1)
      ruby-openid-apps-discovery (~> 1.2.0)
    oauth (0.4.5)
    oauth2 (0.5.1)
      faraday (~> 0.7.4)
      multi_json (~> 1.0.3)
    omniauth (0.3.0)
      oa-basic (= 0.3.0)
      oa-core (= 0.3.0)
      oa-enterprise (= 0.3.0)
      oa-more (= 0.3.0)
      oa-oauth (= 0.3.0)
      oa-openid (= 0.3.0)
    pg (0.11.0)
    polyglot (0.3.2)
    pyu-ruby-sasl (0.0.3.3)
    rack (1.3.4)
    rack-cache (1.1)
      rack (>= 0.4)
    rack-mount (0.8.3)
      rack (>= 1.0.0)
    rack-openid (1.3.1)
      rack (>= 1.1.0)
      ruby-openid (>= 2.1.8)
    rack-ssl (1.3.2)
      rack
    rack-test (0.6.1)
      rack (>= 1.0)
    rails (3.1.1)
      actionmailer (= 3.1.1)
      actionpack (= 3.1.1)
      activerecord (= 3.1.1)
      activeresource (= 3.1.1)
      activesupport (= 3.1.1)
      bundler (~> 1.0)
      railties (= 3.1.1)
    railties (3.1.1)
      actionpack (= 3.1.1)
      activesupport (= 3.1.1)
      rack-ssl (~> 1.3.2)
      rake (>= 0.8.7)
      rdoc (~> 3.4)
      thor (~> 0.14.6)
    raindrops (0.7.0)
    rake (0.8.7)
    rdoc (3.9.4)
    rest-client (1.6.7)
      mime-types (>= 1.16)
    rspec (2.6.0)
      rspec-core (~> 2.6.0)
      rspec-expectations (~> 2.6.0)
      rspec-mocks (~> 2.6.0)
    rspec-core (2.6.4)
    rspec-expectations (2.6.0)
      diff-lcs (~> 1.1.2)
    rspec-instafail (0.1.8)
    rspec-mocks (2.6.0)
    rspec-rails (2.6.1)
      actionpack (~> 3.0)
      activesupport (~> 3.0)
      railties (~> 3.0)
      rspec (~> 2.6.0)
    ruby-openid (2.1.8)
    ruby-openid-apps-discovery (1.2.0)
      ruby-openid (>= 2.1.7)
    ruby-progressbar (0.0.10)
    rubyntlm (0.1.1)
    rubyzip (0.9.4)
    sass (3.1.10)
    sass-rails (3.1.4)
      actionpack (~> 3.1.0)
      railties (~> 3.1.0)
      sass (>= 3.1.4)
      sprockets (~> 2.0.0)
      tilt (~> 1.3.2)
    sax-machine (0.1.0)
      nokogiri (> 0.0.0)
    selenium-webdriver (2.8.0)
      childprocess (>= 0.2.1)
      ffi (>= 1.0.7)
      json_pure
      rubyzip
    sprockets (2.0.2)
      hike (~> 1.2)
      rack (~> 1.0)
      tilt (~> 1.1, != 1.3.0)
    sqlite3 (1.3.4)
    systemu (2.2.0)
    tapp (1.1.0)
    term-ansicolor (1.0.6)
    therubyracer-heroku (0.8.1.pre3)
    thor (0.14.6)
    tilt (1.3.3)
    traceroute (0.2.0)
      rails (>= 3.0.0)
    treetop (1.4.10)
      polyglot
      polyglot (>= 0.3.1)
    tzinfo (0.3.30)
    uglifier (1.0.3)
      execjs (>= 0.3.0)
      multi_json (>= 1.0.2)
    unicorn (4.1.1)
      kgio (~> 2.4)
      rack
      raindrops (~> 0.6)
    uuid (2.3.4)
      macaddr (~> 1.0)
    xpath (0.1.4)
      nokogiri (~> 1.3)

PLATFORMS
  ruby

DEPENDENCIES
  capybara
  coffee-rails
  disqus
  dynamic_form
  exception_notification
  fabrication
  feedzirra
  foreman
  forgery (= 0.3.10)
  fuubar
  gravtastic
  haml-rails
  heroku_san
  hikidoc
  jquery-rails
  kaminari
  mustang
  nokogiri
  omniauth
  pg
  rails
  rails_admin!
  rake (~> 0.8.7)
  rspec-rails
  sass-rails
  sqlite3
  tapp
  therubyracer-heroku
  traceroute
  uglifier
  unicorn
